PATH
  remote: .
  specs:
    pt (0.8.0)
      colored (~> 1.2)
      highline
      hirb (~> 0.7, >= 0.7.3)
      hirb-unicode (~> 0.0.5, >= 0.0.5)
      tracker_api (~> 1.6.0)

GEM
  remote: https://rubygems.org/
  specs:
    addressable (2.5.0)
      public_suffix (~> 2.0, >= 2.0.2)
    axiom-types (0.1.1)
      descendants_tracker (~> 0.0.4)
      ice_nine (~> 0.11.0)
      thread_safe (~> 0.3, >= 0.3.1)
    coderay (1.1.1)
    coercible (1.0.0)
      descendants_tracker (~> 0.0.1)
    colored (1.2)
    declarative (0.0.8)
      uber (>= 0.0.15)
    descendants_tracker (0.0.4)
      thread_safe (~> 0.3, >= 0.3.1)
    equalizer (0.0.11)
    excon (0.54.0)
    faraday (0.9.2)
      multipart-post (>= 1.2, < 3)
    faraday_middleware (0.10.1)
      faraday (>= 0.7.4, < 1.0)
    highline (1.7.8)
    hirb (0.7.3)
    hirb-unicode (0.0.5)
      hirb (~> 0.5)
      unicode-display_width (~> 0.1.1)
    ice_nine (0.11.2)
    method_source (0.8.2)
    minitest (5.10.1)
    multi_json (1.12.1)
    multipart-post (2.0.0)
    pry (0.10.4)
      coderay (~> 1.1.0)
      method_source (~> 0.8.1)
      slop (~> 3.4)
    public_suffix (2.0.5)
    rake (10.5.0)
    representable (3.0.2)
      declarative (~> 0.0.5)
      uber (>= 0.0.15, < 0.2.0)
    slop (3.6.0)
    thread_safe (0.3.5)
    tracker_api (1.6.0)
      addressable
      equalizer
      excon
      faraday (~> 0.9.0)
      faraday_middleware
      multi_json
      representable
      virtus
    uber (0.1.0)
    unicode-display_width (0.1.1)
    virtus (1.0.5)
      axiom-types (~> 0.1)
      coercible (~> 1.0)
      descendants_tracker (~> 0.0, >= 0.0.3)
      equalizer (~> 0.0, >= 0.0.9)

PLATFORMS
  ruby

DEPENDENCIES
  bundler (~> 1.13)
  minitest (~> 5.0)
  pry
  pt!
  rake (~> 10.0)

BUNDLED WITH
   1.13.7
